GIT
  remote: git@code.entropydecelerator.com:components/auxilium.git
  revision: be3b32de122501891f833e74b44d306c2ecaffd0
  specs:
    auxilium (0.2.0)
      activesupport (> 5.1)

PATH
  remote: .
  specs:
    plantae (0.1.4)
      activesupport (>= 5.2)

GEM
  remote: https://rubygems.org/
  specs:
    activesupport (6.1.1)
      concurrent-ruby (~> 1.0, >= 1.0.2)
      i18n (>= 1.6, < 2)
      minitest (>= 5.1)
      tzinfo (~> 2.0)
      zeitwerk (~> 2.3)
    concurrent-ruby (1.1.7)
    i18n (1.8.7)
      concurrent-ruby (~> 1.0)
    minitest (5.14.2)
    rake (12.3.3)
    tzinfo (2.0.4)
      concurrent-ruby (~> 1.0)
    zeitwerk (2.4.2)

PLATFORMS
  ruby

DEPENDENCIES
  auxilium (~> 0.2)!
  minitest (~> 5.0)
  plantae!
  rake (~> 12.0)

BUNDLED WITH
   2.1.4
